GEM
  remote: http://rubygems.org/
  specs:
    bouncy-castle-java (1.5.0146.1)
    builder (3.0.0)
    cucumber (1.0.0)
      builder (>= 2.1.2)
      diff-lcs (>= 1.1.2)
      gherkin (~> 2.4.1)
      json (>= 1.4.6)
      term-ansicolor (>= 1.0.5)
    diff-lcs (1.1.2)
    gherkin (2.4.1-java)
      json (>= 1.4.6)
    jruby-openssl (0.7.4)
      bouncy-castle-java
    json (1.5.3-java)
    rake (0.8.7)
    rspec (2.6.0)
      rspec-core (~> 2.6.0)
      rspec-expectations (~> 2.6.0)
      rspec-mocks (~> 2.6.0)
    rspec-core (2.6.4)
    rspec-expectations (2.6.0)
      diff-lcs (~> 1.1.2)
    rspec-mocks (2.6.0)
    term-ansicolor (1.0.5)

PLATFORMS
  java

DEPENDENCIES
  cucumber
  jruby-openssl
  rake (= 0.8.7)
  rspec
