GEM
  remote: http://rubygems.org/
  specs:
    bouncy-castle-java (1.5.0145.2)
    builder (2.1.2)
    cucumber (0.4.3)
      builder (= 2.1.2)
      diff-lcs (= 1.1.2)
      polyglot (= 0.2.9)
      term-ansicolor (= 1.0.4)
      treetop (= 1.4.2)
    diff-lcs (1.1.2)
    jruby-openssl (0.7.1)
      bouncy-castle-java
    polyglot (0.2.9)
    rspec (1.3.0)
    term-ansicolor (1.0.4)
    treetop (1.4.2)
      polyglot (>= 0.2.5)

PLATFORMS
  java

DEPENDENCIES
  cucumber (= 0.4.3)
  jruby-openssl
  rspec (= 1.3.0)
